PATH
  remote: .
  specs:
    gtfs_stops_clustering (0.1.5)
      csv (~> 3.2, >= 3.2.8)
      distance_measures (~> 0.0.6)
      geocoder (~> 1.8, >= 1.8.2)
      gtfs (~> 0.4.1)
      redis (~> 5.0, >= 5.0.8)
      text (~> 1.3, >= 1.3.1)

GEM
  remote: https://rubygems.org/
  specs:
    ast (2.4.2)
    coderay (1.1.3)
    connection_pool (2.4.1)
    csv (3.2.8)
    distance_measures (0.0.6)
    geocoder (1.8.2)
    gtfs (0.4.1)
      multi_json
      rake
      rubyzip (~> 1.1)
    json (2.7.1)
    language_server-protocol (3.17.0.3)
    method_source (1.0.0)
    minitest (5.20.0)
    multi_json (1.15.0)
    parallel (1.23.0)
    parser (3.2.2.4)
      ast (~> 2.4.1)
      racc
    pry (0.14.2)
      coderay (~> 1.1)
      method_source (~> 1.0)
    racc (1.7.3)
    rainbow (3.1.1)
    rake (13.1.0)
    redis (5.0.8)
      redis-client (>= 0.17.0)
    redis-client (0.18.0)
      connection_pool
    regexp_parser (2.8.3)
    rexml (3.2.6)
    rubocop (1.58.0)
      json (~> 2.3)
      language_server-protocol (>= 3.17.0)
      parallel (~> 1.10)
      parser (>= 3.2.2.4)
      rainbow (>= 2.2.2, < 4.0)
      regexp_parser (>= 1.8, < 3.0)
      rexml (>= 3.2.5, < 4.0)
      rubocop-ast (>= 1.30.0, < 2.0)
      ruby-progressbar (~> 1.7)
      unicode-display_width (>= 2.4.0, < 3.0)
    rubocop-ast (1.30.0)
      parser (>= 3.2.1.0)
    ruby-progressbar (1.13.0)
    rubyzip (1.3.0)
    text (1.3.1)
    unicode-display_width (2.5.0)

PLATFORMS
  arm64-darwin-23
  x86_64-linux

DEPENDENCIES
  csv (~> 3.2, >= 3.2.8)
  distance_measures (~> 0.0.6)
  geocoder (~> 1.8, >= 1.8.2)
  gtfs (~> 0.4.1)
  gtfs_stops_clustering!
  minitest (~> 5.20)
  pry (~> 0.14.2)
  rake (~> 13.0)
  redis (~> 5.0, >= 5.0.8)
  rubocop (~> 1.21)
  text (~> 1.3, >= 1.3.1)

BUNDLED WITH
   2.4.22
